PATH
  remote: .
  specs:
    rpstree (0.0.1)
      methadone (~> 1.3.0)
      rubytree
      sys-proctable

GEM
  remote: https://rubygems.org/
  specs:
    aruba (0.5.3)
      childprocess (>= 0.3.6)
      cucumber (>= 1.1.1)
      rspec-expectations (>= 2.7.0)
    builder (3.2.2)
    childprocess (0.3.9)
      ffi (~> 1.0, >= 1.0.11)
    cucumber (1.3.2)
      builder (>= 2.1.2)
      diff-lcs (>= 1.1.3)
      gherkin (~> 2.12.0)
      multi_json (~> 1.3)
    diff-lcs (1.2.4)
    ffi (1.9.0-x86-mingw32)
    gherkin (2.12.0-x86-mingw32)
      multi_json (~> 1.3)
    json (1.8.0)
    methadone (1.3.0)
      bundler
    multi_json (1.7.6)
    rake (0.9.6)
    rdoc (4.0.1)
      json (~> 1.4)
    rspec-expectations (2.13.0)
      diff-lcs (>= 1.1.3, < 2.0)
    rubytree (0.8.3)
      json (>= 1.7.5)
      structured_warnings (>= 0.1.3)
    structured_warnings (0.1.4)
    sys-proctable (0.9.3-x86-mingw32)

PLATFORMS
  x86-mingw32

DEPENDENCIES
  aruba
  bundler (~> 1.3)
  rake (~> 0.9.2)
  rdoc
  rpstree!
